GEM
  specs:
    geocoder (1.6.7)

PLATFORMS
  x86_64-darwin-20

DEPENDENCIES
  geocoder

BUNDLED WITH
   2.2.26
